PATH
  remote: .
  specs:
    s3_loggable (0.1.2)
      fog (~> 1.12)

GEM
  remote: https://rubygems.org/
  specs:
    builder (3.2.2)
    excon (0.23.0)
    fog (1.12.1)
      builder
      excon (~> 0.23.0)
      formatador (~> 0.2.0)
      mime-types
      multi_json (~> 1.0)
      net-scp (~> 1.1)
      net-ssh (>= 2.1.3)
      nokogiri (~> 1.5.0)
      ruby-hmac
    formatador (0.2.4)
    metaclass (0.0.1)
    mime-types (1.23)
    mocha (0.14.0)
      metaclass (~> 0.0.1)
    multi_json (1.7.7)
    net-scp (1.1.1)
      net-ssh (>= 2.6.5)
    net-ssh (2.6.7)
    nokogiri (1.5.10)
    rake (10.1.0)
    ruby-hmac (0.4.0)

PLATFORMS
  ruby

DEPENDENCIES
  fog (~> 1.12)
  mocha (~> 0.14)
  rake
  s3_loggable!
